GIT
  remote: git://github.com/hh/vagrant.git
  revision: 24f3abc9d21f431cecd466f7a08bd7f251d601c3
  branch: master
  specs:
    vagrant (0.8.8.dev)
      archive-tar-minitar (= 0.5.2)
      erubis (~> 2.7.0)
      i18n (~> 0.6.0)
      json (~> 1.5.1)
      net-scp (~> 1.0.4)
      net-ssh (~> 2.1.4)
      thor (~> 0.14.6)
      virtualbox (~> 0.9.1)

GIT
  remote: git://github.com/hh/virtualbox.git
  revision: ead8d62c3ce4abceee914debb7507c10af97a4d3
  branch: fromscratch
  specs:
    virtualbox (0.9.2.dev)
      ffi (~> 1.0.9)

GEM
  remote: http://rubygems.org/
  specs:
    Platform (0.4.0)
    archive-tar-minitar (0.5.2)
    blankslate (2.1.2.4)
    builder (3.0.0)
    bunny (0.7.4)
    chef (0.8.10)
      bunny (>= 0.6.0)
      erubis
      extlib
      json
      mixlib-authentication (>= 1.1.0)
      mixlib-cli (>= 1.1.0)
      mixlib-config (>= 1.1.0)
      mixlib-log (>= 1.1.0)
      moneta
      ohai (>= 0.5.0)
    columnize (0.3.4)
    cucumber (1.0.6)
      builder (>= 2.1.2)
      diff-lcs (>= 1.1.2)
      gherkin (~> 2.4.18)
      json (>= 1.4.6)
      term-ansicolor (>= 1.0.6)
    diff-lcs (1.1.3)
    erubis (2.7.0)
    extlib (0.9.15)
    ffi (1.0.9)
    gherkin (2.4.21)
      json (>= 1.4.6)
    highline (1.6.2)
    i18n (0.6.0)
    json (1.5.4)
    librarian (0.0.4)
      thor
    linecache (0.46)
      rbx-require-relative (> 0.0.4)
    mixlib-authentication (1.1.4)
      mixlib-log
    mixlib-cli (1.2.0)
    mixlib-config (1.1.2)
    mixlib-log (1.3.0)
    moneta (0.6.0)
    net-scp (1.0.4)
      net-ssh (>= 1.99.1)
    net-ssh (2.1.4)
    ohai (0.6.4)
      mixlib-cli
      mixlib-config
      mixlib-log
      systemu
      yajl-ruby
    open4 (1.1.0)
    pcap (0.7.0)
    popen4 (0.1.2)
      Platform (>= 0.4.0)
      open4 (>= 0.4.0)
    progressbar (0.9.1)
    rack (1.3.2)
    rbx-require-relative (0.0.5)
    rspec (2.5.0)
      rspec-core (~> 2.5.0)
      rspec-expectations (~> 2.5.0)
      rspec-mocks (~> 2.5.0)
    rspec-core (2.5.2)
    rspec-expectations (2.5.0)
      diff-lcs (~> 1.1.2)
    rspec-mocks (2.5.0)
    ruby-debug (0.10.4)
      columnize (>= 0.1)
      ruby-debug-base (~> 0.10.4.0)
    ruby-debug-base (0.10.4)
      linecache (>= 0.3)
    rubypython (0.5.1)
      blankslate (>= 2.1.2.3)
      ffi (~> 1.0.7)
    sinatra (1.2.6)
      rack (~> 1.1)
      tilt (< 2.0, >= 1.2.2)
    systemu (2.3.0)
    term-ansicolor (1.0.6)
    thor (0.14.6)
    tilt (1.3.3)
    veewee (0.2.0)
      cucumber (~> 1.0.2)
      highline (~> 1.6.1)
      net-ssh (~> 2.1.0)
      popen4 (~> 0.1.2)
      progressbar
      rspec (~> 2.5.0)
      thor (~> 0.14.6)
      vagrant (~> 0.8.0)
    yajl-ruby (0.8.3)

PLATFORMS
  ruby

DEPENDENCIES
  chef
  librarian
  pcap
  ruby-debug
  rubypython
  sinatra
  vagrant!
  veewee
  virtualbox!
